PATH
  remote: .
  specs:
    type_is_enum_active_record (0.0.1)
      activerecord (> 4.2.5)
      type_is_enum

GEM
  remote: https://rubygems.org/
  specs:
    activemodel (4.2.6)
      activesupport (= 4.2.6)
      builder (~> 3.1)
    activerecord (4.2.6)
      activemodel (= 4.2.6)
      activesupport (= 4.2.6)
      arel (~> 6.0)
    activesupport (4.2.6)
      i18n (~> 0.7)
      json (~> 1.7, >= 1.7.7)
      minitest (~> 5.1)
      thread_safe (~> 0.3, >= 0.3.4)
      tzinfo (~> 1.1)
    arel (6.0.3)
    ast (2.2.0)
    astrolabe (1.3.1)
      parser (~> 2.2)
    builder (3.2.2)
    i18n (0.7.0)
    json (1.8.3)
    minitest (5.9.0)
    parser (2.3.1.0)
      ast (~> 2.2)
    powerpack (0.1.1)
    rainbow (2.1.0)
    rake (10.5.0)
    rubocop (0.32.1)
      astrolabe (~> 1.3)
      parser (>= 2.2.2.5, < 3.0)
      powerpack (~> 0.1)
      rainbow (>= 1.99.1, < 3.0)
      ruby-progressbar (~> 1.4)
    ruby-progressbar (1.8.1)
    thread_safe (0.3.5)
    type_is_enum (0.2.0)
    tzinfo (1.2.2)
      thread_safe (~> 0.1)

PLATFORMS
  ruby

DEPENDENCIES
  bundler (~> 1.7)
  rake (~> 10.4)
  rubocop (~> 0.32.1)
  type_is_enum_active_record!

BUNDLED WITH
   1.11.2
